GEM
  remote: https://rubygems.org/
  specs:
    code-formatter (1.1.0)
      thor
    thor (0.20.0)

PLATFORMS
  ruby

DEPENDENCIES
  code-formatter

BUNDLED WITH
   1.16.1
